PATH
  remote: .
  specs:
    pfrpg_classes (0.1.1)

GEM
  remote: https://rubygems.org/
  specs:
    pfrpg_skills (0.1.1)
    pfrpg_tables (0.1.1)
    pfrpg_utility (0.1.0)

PLATFORMS
  ruby

DEPENDENCIES
  pfrpg_classes!
  pfrpg_skills (>= 0.1.1)
  pfrpg_tables (>= 0.1.0)
  pfrpg_utility
